PATH
  remote: gem
  specs:
    krpc (0.3.1)
      colorize (~> 0.7)
      google-protobuf (~> 3.0.0.alpha.5)
      hanna-nouveau (~> 0.4)
      nokogiri (~> 1.6)

GEM
  remote: https://rubygems.org/
  specs:
    coderay (1.1.0)
    colorize (0.7.7)
    google-protobuf (3.0.0.alpha.5.0.5.1)
    haml (3.0.25)
    hanna-nouveau (0.4.2)
      haml (= 3.0.25)
      rdoc (~> 4.0)
    json (1.8.3)
    method_source (0.8.2)
    mini_portile2 (2.0.0)
    nokogiri (1.6.7.2)
      mini_portile2 (~> 2.0.0.rc2)
    pry (0.10.1)
      coderay (~> 1.1.0)
      method_source (~> 0.8.1)
      slop (~> 3.4)
    rdoc (4.2.2)
      json (~> 1.4)
    slop (3.6.0)

PLATFORMS
  ruby

DEPENDENCIES
  krpc!
  pry

BUNDLED WITH
   1.12.0
